GEM
  remote: https://rubygems.org/
  specs:
    asciidoctor (2.0.23)
    rouge (4.5.2)

PLATFORMS
  x86_64-linux-gnu

DEPENDENCIES
  asciidoctor
  rouge

BUNDLED WITH
   2.4.20
