GEM
  remote: https://rubygems.org/
  specs:
    asciidoctor (2.0.20)
    rouge (4.1.3)

PLATFORMS
  x86_64-linux

DEPENDENCIES
  asciidoctor
  rouge

BUNDLED WITH
   2.3.5
